GEM
  remote: https://rubygems.org/
  specs:
    active_support (3.0.0)
      activesupport (= 3.0.0)
    activesupport (3.0.0)
    backports (3.3.4)
    bson (1.9.2)
    bson_ext (1.9.2)
      bson (~> 1.9.2)
    childprocess (0.3.9)
      ffi (~> 1.0, >= 1.0.11)
    coffee-script (2.2.0)
      coffee-script-source
      execjs
    coffee-script-source (1.6.3)
    commonwatir (4.0.0)
    descendants_tracker (0.0.1)
    execjs (2.0.2)
    ffi (1.9.0)
    foreman (0.62.0)
      thor (>= 0.13.6)
    i18n (0.6.4)
    mongo (1.9.2)
      bson (~> 1.9.2)
    multi_json (1.8.1)
    rack (1.5.2)
    rack-coffee (1.0.2)
      coffee-script
      rack
    rack-protection (1.5.0)
      rack
    rack-test (0.6.2)
      rack (>= 1.0)
    racksh (1.0.0)
      rack (>= 1.0)
      rack-test (>= 0.5)
    rubyzip (0.9.9)
    sass (3.2.12)
    selenium-webdriver (2.35.1)
      childprocess (>= 0.2.5)
      multi_json (~> 1.0)
      rubyzip (< 1.0.0)
      websocket (~> 1.0.4)
    shotgun (0.9)
      rack (>= 1.0)
    sinatra (1.4.3)
      rack (~> 1.4)
      rack-protection (~> 1.4)
      tilt (~> 1.3, >= 1.3.4)
    slim (2.0.1)
      temple (~> 0.6.6)
      tilt (>= 1.3.3, < 2.1)
    temple (0.6.6)
    thor (0.18.1)
    tilt (1.4.1)
    virtus (0.5.5)
      backports (~> 3.3)
      descendants_tracker (~> 0.0.1)
    watir (5.0.0)
      commonwatir (~> 4)
      watir-webdriver
    watir-webdriver (0.6.4)
      selenium-webdriver (>= 2.18.0)
    websocket (1.0.7)

PLATFORMS
  ruby

DEPENDENCIES
  active_support
  bson_ext
  foreman
  i18n
  mongo
  rack-coffee
  racksh
  sass
  shotgun
  sinatra (~> 1.4.3)
  slim
  virtus
  watir
