GEM
  remote: https://rubygems.org/
  specs:
    active_support (3.0.0)
      activesupport (= 3.0.0)
    activesupport (3.0.0)
    backports (3.3.4)
    bson (1.9.2)
    bson_ext (1.9.2)
      bson (~> 1.9.2)
    coffee-script (2.2.0)
      coffee-script-source
      execjs
    coffee-script-source (1.6.3)
    descendants_tracker (0.0.1)
    domain_name (0.5.13)
      unf (>= 0.0.5, < 1.0.0)
    execjs (2.0.2)
    foreman (0.62.0)
      thor (>= 0.13.6)
    http-cookie (1.0.2)
      domain_name (~> 0.5)
    i18n (0.6.4)
    mechanize (2.7.2)
      domain_name (~> 0.5, >= 0.5.1)
      http-cookie (~> 1.0.0)
      mime-types (~> 1.17, >= 1.17.2)
      net-http-digest_auth (~> 1.1, >= 1.1.1)
      net-http-persistent (~> 2.5, >= 2.5.2)
      nokogiri (~> 1.4)
      ntlm-http (~> 0.1, >= 0.1.1)
      webrobots (>= 0.0.9, < 0.2)
    mime-types (1.25)
    mini_portile (0.5.1)
    mongo (1.9.2)
      bson (~> 1.9.2)
    net-http-digest_auth (1.4)
    net-http-persistent (2.9)
    nokogiri (1.6.0)
      mini_portile (~> 0.5.0)
    ntlm-http (0.1.1)
    rack (1.5.2)
    rack-coffee (1.0.2)
      coffee-script
      rack
    rack-protection (1.5.0)
      rack
    sass (3.2.12)
    shotgun (0.9)
      rack (>= 1.0)
    sinatra (1.4.3)
      rack (~> 1.4)
      rack-protection (~> 1.4)
      tilt (~> 1.3, >= 1.3.4)
    slim (2.0.1)
      temple (~> 0.6.6)
      tilt (>= 1.3.3, < 2.1)
    temple (0.6.6)
    thor (0.18.1)
    tilt (1.4.1)
    unf (0.1.2)
      unf_ext
    unf_ext (0.0.6)
    virtus (0.5.5)
      backports (~> 3.3)
      descendants_tracker (~> 0.0.1)
    webrobots (0.1.1)

PLATFORMS
  ruby

DEPENDENCIES
  active_support
  bson_ext
  foreman
  i18n
  mechanize (~> 2.7.2)
  mongo
  rack-coffee
  sass
  shotgun
  sinatra (~> 1.4.3)
  slim
  virtus
